GIT
  remote: git://github.com/brookr/powder
  revision: 58581ec164ff06db3c736b317535ed2a316e49e0
  specs:
    powder (0.1.7)
      thor (>= 0.11.5)

GEM
  remote: http://rubygems.org/
  specs:
    addressable (2.2.7)
    heroku (2.24.1)
      launchy (>= 0.3.2)
      netrc (~> 0.7.1)
      rest-client (~> 1.6.1)
      rubyzip
    launchy (2.1.0)
      addressable (~> 2.2.6)
    mime-types (1.18)
    netrc (0.7.1)
    rack (1.4.1)
    rack-legacy (0.3.1)
      rack
    rack-rewrite (1.2.1)
    rest-client (1.6.7)
      mime-types (>= 1.16)
    rubyzip (0.9.7)
    thor (0.14.6)

PLATFORMS
  ruby

DEPENDENCIES
  heroku
  powder!
  rack
  rack-legacy
  rack-rewrite
